GEM
  remote: https://rubygems.org/
  specs:
    dotenv (0.11.1)
      dotenv-deployment (~> 0.0.2)
    dotenv-deployment (0.0.2)
    foreman (0.75.0)
      dotenv (~> 0.11.1)
      thor (~> 0.19.1)
    iron_core (1.0.5)
      rest (>= 2.6.4)
    iron_worker_ng (1.5.2)
      bundler
      iron_core (>= 1.0.0)
      rubyzip (= 0.9.9)
    net-http-persistent (2.9.4)
    netrc (0.7.9)
    rest (2.7.2)
      net-http-persistent (>= 2.9.1)
      rest_client (>= 1.7.1)
    rest_client (1.8.1)
      netrc (~> 0.7.7)
    rubyzip (0.9.9)
    thor (0.19.1)

PLATFORMS
  ruby

DEPENDENCIES
  foreman
  iron_worker_ng
